PATH
  remote: .
  specs:
    freeagent (0.2.0)

GEM
  remote: http://rubygems.org/
  specs:
    activemodel (3.2.2)
      activesupport (= 3.2.2)
      builder (~> 3.0.0)
    activeresource (3.2.2)
      activemodel (= 3.2.2)
      activesupport (= 3.2.2)
    activesupport (3.2.2)
      i18n (~> 0.6)
      multi_json (~> 1.0)
    builder (3.0.0)
    diff-lcs (1.1.3)
    i18n (0.6.0)
    json (1.6.5)
    mimic (0.4.3)
      json
      plist
      rack
      sinatra
    multi_json (1.1.0)
    plist (3.1.0)
    rack (1.4.1)
    rack-protection (1.2.0)
      rack
    rake (0.9.2.2)
    rr (1.0.4)
    rspec (2.6.0)
      rspec-core (~> 2.6.0)
      rspec-expectations (~> 2.6.0)
      rspec-mocks (~> 2.6.0)
    rspec-core (2.6.4)
    rspec-expectations (2.6.0)
      diff-lcs (~> 1.1.2)
    rspec-mocks (2.6.0)
    sinatra (1.3.2)
      rack (~> 1.3, >= 1.3.6)
      rack-protection (~> 1.2)
      tilt (~> 1.3, >= 1.3.3)
    tilt (1.3.3)
    yard (0.7.5)

PLATFORMS
  ruby

DEPENDENCIES
  activeresource (>= 3.0.0)
  freeagent!
  mimic
  rake (~> 0.9.0)
  rr
  rspec (~> 2.6.0)
  yard
